GEM
  remote: https://rubygems.org/
  specs:
    coderay (1.1.2)
    method_source (0.9.2)
    pry (0.12.2)
      coderay (~> 1.1.0)
      method_source (~> 0.9.0)
    pry-theme (1.3.0)
      coderay (~> 1.1)
    rb-readline (0.5.5)

PLATFORMS
  ruby

DEPENDENCIES
  pry
  pry-theme
  rb-readline

BUNDLED WITH
   1.16.2
